GEM
  remote: https://rubygems.org/
  specs:
    cuba (3.8.1)
      rack (>= 1.6.0)
    daemons (1.2.4)
    eventmachine (1.2.5)
    rack (2.0.3)
    thin (1.7.2)
      daemons (~> 1.0, >= 1.0.9)
      eventmachine (~> 1.0, >= 1.0.4)
      rack (>= 1, < 3)

PLATFORMS
  ruby

DEPENDENCIES
  cuba
  thin

BUNDLED WITH
   1.15.4
